GEM
  remote: https://rubygems.org/
  specs:
    activesupport-inflector (0.1.0)
    amq-protocol (1.9.2)
    amqp (1.2.1)
      amq-protocol (>= 1.9.2)
      eventmachine
    beefcake (0.5.0)
    eventmachine (1.0.3)
    i18n (0.6.5)

PLATFORMS
  ruby

DEPENDENCIES
  activesupport-inflector
  amqp
  beefcake
  eventmachine
  i18n
